GEM
  remote: https://rubygems.org/
  specs:
    builder (3.2.2)
    childprocess (0.5.5)
      ffi (~> 1.0, >= 1.0.11)
    cucumber (1.3.17)
      builder (>= 2.1.2)
      diff-lcs (>= 1.1.3)
      gherkin (~> 2.12)
      multi_json (>= 1.7.5, < 2.0)
      multi_test (>= 0.1.1)
    diff-lcs (1.2.5)
    ffi (1.9.6)
    gherkin (2.12.2)
      multi_json (~> 1.3)
    highline (1.6.21)
    minitest (5.4.1)
    multi_json (1.10.1)
    multi_test (0.1.1)
    net-ssh (2.9.1)
    rake (10.3.2)
    rspec (3.1.0)
      rspec-core (~> 3.1.0)
      rspec-expectations (~> 3.1.0)
      rspec-mocks (~> 3.1.0)
    rspec-core (3.1.0)
      rspec-support (~> 3.1.0)
    rspec-expectations (3.1.0)
      diff-lcs (>= 1.2.0, < 2.0)
      rspec-support (~> 3.1.0)
    rspec-its (1.0.1)
      rspec-core (>= 2.99.0.beta1)
      rspec-expectations (>= 2.99.0.beta1)
    rspec-mocks (3.1.0)
      rspec-support (~> 3.1.0)
    rspec-support (3.1.2)
    rubyzip (1.1.6)
    selenium-webdriver (2.44.0)
      childprocess (~> 0.5)
      multi_json (~> 1.0)
      rubyzip (~> 1.0)
      websocket (~> 1.0)
    serverspec (0.15.4)
      highline
      net-ssh
      rspec (>= 2.13.0)
      specinfra (>= 0.7.1)
    specinfra (1.27.0)
    sqlite3 (1.3.9)
    websocket (1.2.1)

PLATFORMS
  ruby

DEPENDENCIES
  cucumber
  highline (= 1.6.21)
  minitest (= 5.4.1)
  net-ssh (= 2.9.1)
  rake
  rspec (= 3.1.0)
  rspec-core (= 3.1.0)
  rspec-expectations (= 3.1.0)
  rspec-its (= 1.0.1)
  rspec-mocks (= 3.1.0)
  selenium-webdriver
  serverspec (= 0.15.4)
  specinfra (= 1.27.0)
  sqlite3 (= 1.3.9)
